BrainVision Data Exchange Header File Version 1.0
; Data created by the BrainVision Recorder

[Common Infos]
Codepage=UTF-8
DataFile=t6000.eeg
MarkerFile=t6000.vmrk
DataFormat=BINARY
; Data orientation: MULTIPLEXED=ch1,pt1, ch2,pt1 ...
DataOrientation=MULTIPLEXED
NumberOfChannels=1
; Sampling interval in microseconds
SamplingInterval=1000

[Binary Infos]
BinaryFormat=IEEE_FLOAT_32

[Channel Infos]
; Each entry: Ch<Channel number>=<Name>,<Reference channel name>,
; <Resolution in "Unit">,<Unit>, Future extensions..
; Fields are delimited by commas, some fields might be omitted (empty).
; Commas in channel names are coded as "\1".
Ch1=EMG,,0.298023,µV

[Comment]

BrainVision Recorder Professional   -   V. 1.24.0001


A m p l i f i e r  S e t u p
============================
Number of channels: 1
Sampling Rate [Hz]: 1000
Sampling Interval [µS]: 1000

Channels
--------
#     Name      Phys. Chn.    Resolution / Unit   Low Cutoff [s]   High Cutoff [Hz]   Notch [Hz]    Gradient         Offset
1     EMG         33          0.298023 µV             DC              280              Off
Use active/dry Electrodes = No 
MY-Button Workspace    = C:\Vision\Workfiles\MYButton

Amplifier 
actiCHamp Base Unit (5002) 
  --- S/N 20040286 --- 
actiCHamp 32 CH Module
  --- Module 1 (5011): S/N 21021020 ---
Version: DLL_27.18.06.25, DRV_03.04.01.146, CTRL_104.18.06.25, FPGA_67.00.00.00, DSP_105.19.02.27 


S o f t w a r e  F i l t e r s
==============================
Disabled


No impedance values available at 16:00:39!
